PATH
  remote: .
  specs:
    templebars (0.0.6)
      execjs
      sprockets (>= 2.0.3)
      tilt

GEM
  remote: http://rubygems.org/
  specs:
    execjs (1.3.1)
      multi_json (~> 1.0)
    hike (1.2.1)
    multi_json (1.3.6)
    rack (1.4.1)
    rake (0.9.2.2)
    sprockets (2.1.3)
      hike (~> 1.2)
      rack (~> 1.0)
      tilt (~> 1.1, != 1.3.0)
    tilt (1.3.3)

PLATFORMS
  ruby

DEPENDENCIES
  rake
  templebars!
